GEM
  remote: https://rubygems.org/
  specs:
    msgpack (1.3.1)

PLATFORMS
  ruby

DEPENDENCIES
  msgpack

BUNDLED WITH
   2.0.2
